GEM
  remote: https://rubygems.org/
  specs:
    redis (3.3.1)
    rubyzip (1.2.0)

PLATFORMS
  ruby

DEPENDENCIES
  redis (~> 3.2)
  rubyzip (>= 1.0.0)

BUNDLED WITH
   1.12.5
